GEM
  remote: https://rubygems.org/
  specs:
    actionmailer (2.3.18)
      actionpack (= 2.3.18)
    actionpack (2.3.18)
      activesupport (= 2.3.18)
      rack (~> 1.1.0)
    activerecord (2.3.18)
      activesupport (= 2.3.18)
    activeresource (2.3.18)
      activesupport (= 2.3.18)
    activesupport (2.3.18)
    aws-s3 (0.6.3)
      builder
      mime-types
      xml-simple
    builder (3.2.0)
    calendar_date_select (1.16.1)
    cocaine (0.4.2)
    color (1.4.1)
    columnize (0.3.6)
    facebooker2 (0.0.17)
      mogli (>= 0.0.33)
      ruby-hmac
    faraday (0.8.7)
      multipart-post (~> 1.1)
    fastercsv (1.5.5)
    haml (3.0.22)
    hashie (2.0.4)
    highline (1.6.18)
    httmultiparty (0.3.10)
      httparty (>= 0.7.3)
      multipart-post
    httparty (0.11.0)
      multi_json (~> 1.0)
      multi_xml (>= 0.5.2)
    json (1.7.7)
    lazy (0.9.6)
    linecache (0.46)
      rbx-require-relative (> 0.0.4)
    mash (0.1.1)
    metaclass (0.0.1)
    mime-types (1.23)
    mocha (0.13.3)
      metaclass (~> 0.0.1)
    mogli (0.0.44)
      hashie (>= 1.1.0)
      httmultiparty (>= 0.3.6)
      httparty (>= 0.4.3)
      multi_json (>= 1.0.3, < 1.4)
    multi_json (1.3.7)
    multi_xml (0.5.3)
    multipart-post (1.2.0)
    nokogiri (1.5.9)
    oauth (0.4.3)
    oauth-plugin (0.3.14)
      oauth (>= 0.3.5)
    paperclip (2.4.0)
      activerecord (>= 2.3.0)
      activesupport (>= 2.3.2)
      cocaine (>= 0.0.2)
      mime-types
    pg (0.15.1)
    rack (1.1.6)
    rails (2.3.18)
      actionmailer (= 2.3.18)
      actionpack (= 2.3.18)
      activerecord (= 2.3.18)
      activeresource (= 2.3.18)
      activesupport (= 2.3.18)
      rake (>= 0.8.3)
    rake (10.0.4)
    rbx-require-relative (0.0.9)
    rcov (1.0.0)
    rdoc (4.0.1)
      json (~> 1.4)
    rmagick (2.13.2)
    ruby-debug (0.10.4)
      columnize (>= 0.1)
      ruby-debug-base (~> 0.10.4.0)
    ruby-debug-base (0.10.4)
      linecache (>= 0.3)
    ruby-hmac (0.4.0)
    shoulda (3.0.1)
      shoulda-context (~> 1.0.0)
      shoulda-matchers (~> 1.0.0)
    shoulda-context (1.0.2)
    shoulda-matchers (1.0.0)
    simple_oauth (0.2.0)
    thoughtbot-shoulda (2.11.1)
    twitter (4.6.2)
      faraday (~> 0.8, < 0.10)
      multi_json (~> 1.0)
      simple_oauth (~> 0.2)
    will_paginate (2.3.16)
    xml-simple (1.1.2)

PLATFORMS
  ruby

DEPENDENCIES
  aws-s3
  calendar_date_select (= 1.16.1)
  color (= 1.4.1)
  facebooker2
  fastercsv
  haml (= 3.0.22)
  highline
  httparty
  json
  lazy (= 0.9.6)
  mash
  mocha
  mogli
  nokogiri
  oauth (= 0.4.3)
  oauth-plugin (= 0.3.14)
  paperclip (= 2.4)
  pg
  rails (= 2.3.18)
  rcov
  rdoc
  rmagick
  ruby-debug
  ruby-hmac
  shoulda
  thoughtbot-shoulda
  twitter
  will_paginate (~> 2.3.11)
